GEM
  remote: https://rubygems.org/
  specs:
    curb (0.8.3)
    haml (3.1.4)
    hashie (1.2.0)
    json (1.7.7)
    rack (1.4.1)
    rack-protection (1.2.0)
      rack
    sinatra (1.3.3)
      rack (~> 1.3, >= 1.3.6)
      rack-protection (~> 1.2)
      tilt (~> 1.3, >= 1.3.3)
    tilt (1.3.3)

PLATFORMS
  ruby

DEPENDENCIES
  curb
  haml
  hashie
  json
  sinatra
