GEM
  remote: https://rubygems.org/
  specs:
    curb (0.9.4)
    haml (3.1.4)
    hashie (1.2.0)
    json (2.1.0)
    rack (1.6.10)
    rack-protection (1.2.0)
      rack
    sinatra (1.3.3)
      rack (~> 1.3, >= 1.3.6)
      rack-protection (~> 1.2)
      tilt (~> 1.3, >= 1.3.3)
    tilt (1.3.3)

PLATFORMS
  ruby

DEPENDENCIES
  curb
  haml
  hashie
  json
  sinatra

BUNDLED WITH
   1.16.1
